GEM
  remote: https://rubygems.org/
  specs:
    aws-eventstream (1.1.0)
    aws-sdk (2.10.134)
      aws-sdk-resources (= 2.10.134)
    aws-sdk-core (2.10.134)
      aws-sigv4 (~> 1.0)
      jmespath (~> 1.0)
    aws-sdk-resources (2.10.134)
      aws-sdk-core (= 2.10.134)
    aws-sigv4 (1.2.2)
      aws-eventstream (~> 1, >= 1.0.2)
    bigdecimal (1.4.4)
    builder (3.1.4)
    dentaku (3.4.1)
    jmespath (1.4.0)
    json (1.8.6)
    mime-types (3.3.1)
      mime-types-data (~> 3.2015)
    mime-types-data (3.2020.0512)
    multipart-post (2.0.0)
    require_all (1.4.0)

PLATFORMS
  ruby

DEPENDENCIES
  aws-sdk (~> 2.10.26)
  bigdecimal (= 1.4.4)
  builder (~> 3.1.4)
  dentaku (~> 3.4.1)
  json (~> 1.8.6)
  mime-types (~> 3.1)
  multipart-post (~> 2.0.0)
  require_all (~> 1.4.0)

RUBY VERSION
   ruby 2.7.1p83

BUNDLED WITH
   2.1.4
