GEM
  remote: https://rubygems.org/
  specs:
    aws-eventstream (1.1.0)
    aws-partitions (1.414.0)
    aws-sdk-core (3.110.0)
      aws-eventstream (~> 1, >= 1.0.2)
      aws-partitions (~> 1, >= 1.239.0)
      aws-sigv4 (~> 1.1)
      jmespath (~> 1.0)
    aws-sdk-kms (1.40.0)
      aws-sdk-core (~> 3, >= 3.109.0)
      aws-sigv4 (~> 1.1)
    aws-sdk-s3 (1.87.0)
      aws-sdk-core (~> 3, >= 3.109.0)
      aws-sdk-kms (~> 1)
      aws-sigv4 (~> 1.1)
    aws-sdk-sqs (1.35.0)
      aws-sdk-core (~> 3, >= 3.109.0)
      aws-sigv4 (~> 1.1)
    aws-sigv4 (1.2.2)
      aws-eventstream (~> 1, >= 1.0.2)
    bigdecimal (1.4.4)
    builder (3.1.4)
    dentaku (3.4.1)
    jmespath (1.4.0)
    json (2.5.1)
    mime-types (3.3.1)
      mime-types-data (~> 3.2015)
    mime-types-data (3.2020.0512)
    multipart-post (2.1.1)
    require_all (1.4.0)

PLATFORMS
  ruby

DEPENDENCIES
  aws-sdk-s3 (~> 1)
  aws-sdk-sqs (~> 1)
  bigdecimal (= 1.4.4)
  builder (~> 3.1.4)
  dentaku (~> 3.4.1)
  json (~> 2.3)
  mime-types (~> 3.1)
  multipart-post (~> 2.1.1)
  require_all (~> 1.4.0)

RUBY VERSION
   ruby 2.7.1p83

BUNDLED WITH
   2.1.4
